{
  "AcquisitionMatrixPE": 256,
  "AcquisitionNumber": 1,
  "AcquisitionTime": "15:08:32.512500",
  "BaseResolution": 256,
  "BodyPartExamined": "BRAIN",
  "ConsistencyInfo": "N4_VE11C_LATEST_20160120",
  "ConversionSoftware": "dcm2niix",
  "ConversionSoftwareVersion": "v1.0.20190410  GCC6.3.0",
  "DeviceSerialNumber": "167012",
  "DwellTime": 8.2e-06,
  "EchoTime": 0.0029,
  "FlipAngle": 8,
  "ImageOrientationPatientDICOM": [0.0538661, 0.998414, 0.0163905, -0.0415862, 0.0186432, -0.998961],
  "ImageType": [
    "ORIGINAL",
    "PRIMARY",
    "M",
    "ND",
    "NORM"
],
  "ImagingFrequency": 123.171,
  "InPlanePhaseEncodingDirectionDICOM": "ROW",
  "InstitutionAddress": "Vassar_Street_43_Cambridge_Middlesex_US_02139",
  "InstitutionName": "MIT",
  "InstitutionalDepartmentName": "Department",
  "InversionTime": 1.07,
  "MRAcquisitionType": "3D",
  "MagneticFieldStrength": 3,
  "Manufacturer": "Siemens",
  "ManufacturersModelName": "Prisma_fit",
  "Modality": "MR",
  "PartialFourier": 1,
  "PatientPosition": "HFS",
  "PercentPhaseFOV": 100,
  "PhaseEncodingSteps": 255,
  "PhaseResolution": 1,
  "PixelBandwidth": 240,
  "ProcedureStepDescription": "Kanwisher_Ratan",
  "ProtocolName": "ABCD_T1w_MPR_vNav",
  "PulseSequenceDetails": "%CustomerSeq%_tfl_mgh_epinav_ABCD",
  "ReceiveCoilActiveElements": "HEA;HEP",
  "ReceiveCoilName": "Head_32",
  "ReconMatrixPE": 256,
  "RefLinesPE": 32,
  "RepetitionTime": 2.5,
  "SAR": 0.0360977,
  "ScanOptions": "IR_WE",
  "ScanningSequence": "GR_IR",
  "SequenceName": "tfl3d1_16ns",
  "SequenceVariant": "SK_SP_MP",
  "SeriesDescription": "ABCD_T1w_MPR_vNav",
  "SeriesNumber": 8,
  "ShimSetting": [2998, -11901, -10006, 341, -17, -60, 57, 40],
  "SliceThickness": 1,
  "SoftwareVersions": "syngo_MR_E11",
  "StationName": "MRC35115",
  "TxRefAmp": 239.902,
  "WipMemBlock": "Prisma_epi_moco_navigator_ABCD_tfl.prot"
}