{
  "AcquisitionMatrixPE": 104,
  "AcquisitionNumber": 1,
  "AcquisitionTime": "16:13:28.145000",
  "BandwidthPerPixelPhaseEncode": 17.17,
  "BaseResolution": 104,
  "BodyPartExamined": "BRAIN",
  "ConsistencyInfo": "N4_VE11C_LATEST_20160120",
  "ConversionSoftware": "dcm2niix",
  "ConversionSoftwareVersion": "v1.0.20190410  GCC6.3.0",
  "DerivedVendorReportedEchoSpacing": 0.000560011,
  "DeviceSerialNumber": "167012",
  "DwellTime": 2.2e-06,
  "EchoTime": 0.03,
  "EchoTrainLength": 91,
  "EffectiveEchoSpacing": 0.000560011,
  "FlipAngle": 90,
  "ImageOrientationPatientDICOM": [0.995922, -0.0546168, -0.0718021, 0.0603898, 0.994895, 0.0808555],
  "ImageType": [
    "ORIGINAL",
    "PRIMARY",
    "M",
    "ND",
    "MOSAIC"
],
  "ImagingFrequency": 123.171,
  "InPlanePhaseEncodingDirectionDICOM": "COL",
  "InstitutionAddress": "Vassar_Street_43_Cambridge_Middlesex_US_02139",
  "InstitutionName": "MIT",
  "InstitutionalDepartmentName": "Department",
  "MRAcquisitionType": "2D",
  "MagneticFieldStrength": 3,
  "Manufacturer": "Siemens",
  "ManufacturersModelName": "Prisma_fit",
  "Modality": "MR",
  "MultibandAccelerationFactor": 3,
  "PartialFourier": 0.875,
  "PatientPosition": "HFS",
  "PercentPhaseFOV": 100,
  "PhaseEncodingDirection": "j-",
  "PhaseEncodingSteps": 91,
  "PhaseResolution": 1,
  "PixelBandwidth": 2185,
  "ProcedureStepDescription": "Kanwisher_Ratan",
  "ProtocolName": "PRISMA-SMS3_TE30_2.0mm_iso_Performance",
  "PulseSequenceDetails": "%SiemensSeq%_ep2d_bold",
  "ReceiveCoilActiveElements": "HEA;HEP",
  "ReceiveCoilName": "Head_32",
  "ReconMatrixPE": 104,
  "RefLinesPE": 12,
  "RepetitionTime": 2,
  "SAR": 0.06425,
  "ScanOptions": "PFP_FS",
  "ScanningSequence": "EP",
  "SequenceName": "_epfid2d1_104",
  "SequenceVariant": "SK",
  "SeriesDescription": "PRISMA-SMS3_TE30_2.0mm_iso_Performance",
  "SeriesNumber": 17,
  "ShimSetting": [2988, -11867, -9985, 390, -41, 42, 70, 50],
  "SliceThickness": 2,
  "SliceTiming": [0, 0.11, 0.2175, 0.3275, 0.4375, 0.5475, 0.6575, 0.7675, 0.8775, 0.9875, 1.0975, 1.2075, 1.3175, 1.4275, 1.5375, 1.6475, 1.7575, 1.8675, 0, 0.11, 0.2175, 0.3275, 0.4375, 0.5475, 0.6575, 0.7675, 0.8775, 0.9875, 1.0975, 1.2075, 1.3175, 1.4275, 1.5375, 1.6475, 1.7575, 1.8675, 0, 0.11, 0.2175, 0.3275, 0.4375, 0.5475, 0.6575, 0.7675, 0.8775, 0.9875, 1.0975, 1.2075, 1.3175, 1.4275, 1.5375, 1.6475, 1.7575, 1.8675],
  "SoftwareVersions": "syngo_MR_E11",
  "SpacingBetweenSlices": 2.2,
  "StationName": "MRC35115",
  "TaskName": "EXP",
  "TotalReadoutTime": 0.0576811,
  "TxRefAmp": 239.902}